GEM
  remote: http://rubygems.org/
  specs:
    RedCloth (4.2.9)
    adsf (1.2.0)
      rack (>= 1.0.0)
    asciidoctor (1.5.2)
    breakpoint (2.5.0)
      sass (~> 3.3)
      sassy-maps (< 1.0.0)
    builder (3.2.2)
    celluloid (0.16.0)
      timers (~> 4.0.0)
    coderay (1.1.0)
    colored (1.2)
    compass-core (1.0.3)
      multi_json (~> 1.0)
      sass (>= 3.3.0, < 3.5)
    cri (2.7.0)
      colored (~> 1.2)
    em-websocket (0.5.1)
      eventmachine (>= 0.12.9)
      http_parser.rb (~> 0.6.0)
    eventmachine (1.0.7)
    ffi (1.9.8)
    formatador (0.2.5)
    guard (2.12.6)
      formatador (>= 0.2.4)
      listen (~> 2.7)
      lumberjack (~> 1.0)
      nenv (~> 0.1)
      notiffany (~> 0.0)
      pry (>= 0.9.12)
      shellany (~> 0.0)
      thor (>= 0.18.1)
    guard-livereload (2.4.0)
      em-websocket (~> 0.5)
      guard (~> 2.8)
      multi_json (~> 1.8)
    guard-nanoc (1.0.3)
      guard (~> 2.8)
      nanoc (~> 3.6)
    haml (4.0.6)
      tilt
    hitimes (1.2.2)
    http_parser.rb (0.6.0)
    listen (2.10.0)
      celluloid (~> 0.16.0)
      rb-fsevent (>= 0.9.3)
      rb-inotify (>= 0.9)
    lumberjack (1.0.9)
    method_source (0.8.2)
    mini_portile2 (2.4.0)
    multi_json (1.11.0)
    nanoc (3.7.4)
      cri (~> 2.3)
    nanoc-asciidoctor (1.0.1)
      asciidoctor (> 0.1, < 2.0)
      nanoc (>= 3.6.7, < 4.0.0)
    nenv (0.2.0)
    nokogiri (1.10.10)
      mini_portile2 (~> 2.4.0)
    notiffany (0.0.6)
      nenv (~> 0.1)
      shellany (~> 0.0)
    posix-spawn (0.3.11)
    pry (0.10.1)
      coderay (~> 1.1.0)
      method_source (~> 0.8.1)
      slop (~> 3.4)
    pygments.rb (0.6.0)
      posix-spawn (~> 0.3.6)
      yajl-ruby (~> 1.1.0)
    rack (1.6.1)
    rb-fsevent (0.9.5)
    rb-inotify (0.9.5)
      ffi (>= 0.5.0)
    redcarpet (3.3.1)
    sass (3.4.9)
    sassy-maps (0.4.0)
      sass (~> 3.3)
    shellany (0.0.1)
    slop (3.6.0)
    susy (2.2.1)
      sass (>= 3.3.0, < 3.5)
    thor (0.19.1)
    tilt (2.0.1)
    timers (4.0.1)
      hitimes
    yajl-ruby (1.1.0)

PLATFORMS
  ruby

DEPENDENCIES
  RedCloth
  adsf
  asciidoctor
  breakpoint
  builder
  compass-core
  guard
  guard-livereload
  guard-nanoc
  haml
  nanoc (= 3.7.4)
  nanoc-asciidoctor
  nokogiri
  pygments.rb (= 0.6.0)
  redcarpet
  sass (= 3.4.9)
  susy (= 2.2.1)

BUNDLED WITH
   1.10.2
